GIT
  remote: git@github.com:jeffkreeftmeijer/dracula.git
  revision: 4a34aacbcadcc813b82eca6ccc0e844dd1529195
  specs:
    dracula (0.1.0)
      pygments.rb (~> 0.4.2)
      redcarpet (~> 2.2.2)

GEM
  remote: https://rubygems.org/
  specs:
    aws-sdk (1.43.3)
      json (~> 1.4)
      nokogiri (>= 1.4.4)
    json (1.8.3)
    mini_portile2 (2.0.0)
    nokogiri (1.6.7.2)
      mini_portile2 (~> 2.0.0.rc2)
    posix-spawn (0.3.11)
    pygments.rb (0.4.2)
      posix-spawn (~> 0.3.6)
      yajl-ruby (~> 1.1.0)
    rake (11.1.1)
    redcarpet (2.2.2)
    yajl-ruby (1.1.0)

PLATFORMS
  ruby

DEPENDENCIES
  aws-sdk (= 1.43.3)
  dracula!
  rake

BUNDLED WITH
   1.11.2
