PATH
  remote: ../asciidoctor-html5s
  specs:
    asciidoctor-html5s (0.1.0.beta.5)
      asciidoctor (~> 1.5.5)
      thread_safe (~> 0.3.4)

GEM
  remote: https://rubygems.org/
  specs:
    asciidoctor (1.5.7.1)
    rake (12.1.0)
    thread_safe (0.3.6)
    tilt (2.0.8)

PLATFORMS
  ruby

DEPENDENCIES
  asciidoctor
  asciidoctor-html5s!
  rake
  thread_safe
  tilt

BUNDLED WITH
   1.16.2
