GIT
  remote: git@github.com:jeffkreeftmeijer/dracula.git
  revision: 4a34aacbcadcc813b82eca6ccc0e844dd1529195
  specs:
    dracula (0.1.0)
      pygments.rb (~> 0.4.2)
      redcarpet (~> 2.2.2)

GEM
  remote: https://rubygems.org/
  specs:
    aws-sdk (1.43.3)
      json (~> 1.4)
      nokogiri (>= 1.4.4)
    css_press (0.3.2)
      csspool-st (= 3.1.2)
      json
    csspool-st (3.1.2)
    execjs (2.6.0)
    html_press (0.8.2)
      htmlentities
      multi_css (>= 0.1.0)
      multi_js (>= 0.1.0)
    htmlentities (4.3.4)
    json (1.8.3)
    mini_portile2 (2.0.0)
    multi_css (0.1.0)
      css_press
    multi_js (0.1.0)
      uglifier (~> 2)
    nokogiri (1.6.7.2)
      mini_portile2 (~> 2.0.0.rc2)
    posix-spawn (0.3.11)
    pygments.rb (0.4.2)
      posix-spawn (~> 0.3.6)
      yajl-ruby (~> 1.1.0)
    rake (11.1.1)
    redcarpet (2.2.2)
    uglifier (2.7.2)
      execjs (>= 0.3.0)
      json (>= 1.8.0)
    yajl-ruby (1.1.0)
    yui-compressor (0.12.0)

PLATFORMS
  ruby

DEPENDENCIES
  aws-sdk (= 1.43.3)
  dracula!
  html_press
  rake
  yui-compressor

BUNDLED WITH
   1.11.2
