GIT
  remote: git@github.com:jeffkreeftmeijer/dracula.git
  revision: f8c02ae885aa3b7d95aaf632e0da75479dc24bf2
  specs:
    dracula (0.1.0)
      pygments.rb (~> 0.4.2)
      redcarpet (~> 2.2.2)

GEM
  remote: https://rubygems.org/
  specs:
    aws-sdk (1.43.3)
      json (~> 1.4)
      nokogiri (>= 1.4.4)
    css_press (0.3.2)
      csspool-st (= 3.1.2)
      json
    csspool-st (3.1.2)
    execjs (2.2.1)
    html_press (0.8.2)
      htmlentities
      multi_css (>= 0.1.0)
      multi_js (>= 0.1.0)
    htmlentities (4.3.2)
    json (1.8.1)
    mini_portile (0.6.0)
    multi_css (0.1.0)
      css_press
    multi_js (0.1.0)
      uglifier (~> 2)
    nokogiri (1.6.2.1)
      mini_portile (= 0.6.0)
    posix-spawn (0.3.9)
    pygments.rb (0.4.2)
      posix-spawn (~> 0.3.6)
      yajl-ruby (~> 1.1.0)
    rake (10.3.1)
    redcarpet (2.2.2)
    uglifier (2.5.3)
      execjs (>= 0.3.0)
      json (>= 1.8.0)
    yajl-ruby (1.1.0)
    yui-compressor (0.12.0)

PLATFORMS
  ruby

DEPENDENCIES
  aws-sdk
  dracula!
  html_press
  rake
  yui-compressor
