GEM
  remote: https://rubygems.org/
  specs:
    asciidoctor (1.5.7.1)
    asciidoctor-html5s (0.1.0.beta.10)
      asciidoctor (~> 1.5.5)
      thread_safe (~> 0.3.4)
    rake (12.3.1)
    thread_safe (0.3.6)
    tilt (2.0.8)

PLATFORMS
  ruby

DEPENDENCIES
  asciidoctor
  asciidoctor-html5s
  rake
  thread_safe
  tilt

BUNDLED WITH
   1.16.2
