GEM
  remote: https://rubygems.org/
  specs:
    asciidoctor (1.5.7.1)
    rake (12.1.0)
    thread_safe (0.3.6)
    tilt (2.0.8)

PLATFORMS
  ruby

DEPENDENCIES
  asciidoctor
  rake
  thread_safe
  tilt

BUNDLED WITH
   1.16.2
